GEM
  remote: https://rubygems.org/
  specs:
    addressable (2.8.0)
      public_suffix (>= 2.0.2, < 5.0)
    bcrypt (3.1.16)
    bound (2.2.0)
    capybara (2.18.0)
      addressable
      mini_mime (>= 0.1.3)
      nokogiri (>= 1.3.3)
      rack (>= 1.0.0)
      rack-test (>= 0.5.4)
      xpath (>= 2.0, < 4.0)
    coderay (1.1.3)
    dotenv (2.7.6)
    ffi (1.15.4)
    haml (5.2.2)
      temple (>= 0.8.0)
      tilt
    kindleclippings (1.3.4)
    method_source (1.0.0)
    mini_mime (1.1.2)
    mini_portile2 (2.1.0)
    minitest (5.15.0)
    minitest-capybara (0.9.0)
      capybara
      minitest (~> 5.0)
      rake
    minitest-spec (0.0.2.1)
      minitest (>= 3.0)
    mustermann (1.1.1)
      ruby2_keywords (~> 0.0.1)
    nio4r (2.5.8)
    nokogiri (1.6.8.1)
      mini_portile2 (~> 2.1.0)
    pg (1.2.3)
    pry (0.14.1)
      coderay (~> 1.1)
      method_source (~> 1.0)
    public_suffix (4.0.6)
    puma (5.6.2)
      nio4r (~> 2.0)
    rack (2.2.3)
    rack-protection (2.1.0)
      rack
    rack-test (1.1.0)
      rack (>= 1.0, < 3)
    rake (13.0.6)
    rb-fsevent (0.11.0)
    rb-inotify (0.10.1)
      ffi (~> 1.0)
    redcarpet (3.5.1)
    ruby2_keywords (0.0.5)
    sass (3.7.4)
      sass-listen (~> 4.0.0)
    sass-listen (4.0.0)
      rb-fsevent (~> 0.9, >= 0.9.4)
      rb-inotify (~> 0.9, >= 0.9.7)
    sequel (5.51.0)
    shotgun (0.9.2)
      rack (>= 1.0)
    sinatra (2.1.0)
      mustermann (~> 1.0)
      rack (~> 2.2)
      rack-protection (= 2.1.0)
      tilt (~> 2.0)
    temple (0.8.2)
    tilt (2.0.10)
    xpath (2.1.0)
      nokogiri (~> 1.3)

PLATFORMS
  x86_64-linux

DEPENDENCIES
  bcrypt
  bound
  capybara
  dotenv
  haml
  kindleclippings (~> 1.3.3)
  minitest
  minitest-capybara
  minitest-spec
  nokogiri (~> 1.6.1)
  pg
  pry
  puma
  rack-test
  rake
  redcarpet
  sass
  sequel
  shotgun
  sinatra

BUNDLED WITH
   2.2.3
